GEM
  remote: https://rubygems.org/
  specs:
    dotenv (2.2.0)
    facebook-messenger (0.11.1)
      httparty (~> 0.13, >= 0.13.7)
      rack (>= 1.6.4)
    httparty (0.14.0)
      multi_xml (>= 0.5.2)
    multi_xml (0.6.0)
    mustermann (1.0.0.beta2)
    rack (2.0.1)
    rack-protection (2.0.0.beta2)
      rack
    sinatra (2.0.0.beta2)
      mustermann (= 1.0.0.beta2)
      rack (~> 2.0)
      rack-protection (= 2.0.0.beta2)
      tilt (~> 2.0)
    tilt (2.0.6)

PLATFORMS
  ruby

DEPENDENCIES
  dotenv
  facebook-messenger
  httparty
  sinatra (= 2.0.0.beta2)

RUBY VERSION
   ruby 2.3.0p0

BUNDLED WITH
   1.14.6
